GEM
  remote: http://rubygems.org/
  specs:
    activerdf (1.6.11)
      gem_plugin (>= 0.2.1)
    addressable (2.3.2)
    equivalent-xml (0.3.0)
      nokogiri (>= 1.4.3)
    gem_plugin (0.2.3)
    nokogiri (1.5.6)
    rdf (0.3.11.1)
      addressable (>= 2.2.6)
    rdf-rdfxml (0.3.9)
      rdf (>= 0.3.11)
      rdf-xsd (>= 0.3.8)
    rdf-xsd (0.3.8)
      rdf (>= 0.3.4)

PLATFORMS
  ruby

DEPENDENCIES
  activerdf
  equivalent-xml
  nokogiri
  rdf
  rdf-rdfxml
