GEM
  remote: http://rubygems.org/
  specs:
    activerdf (1.6.11)
      gem_plugin (>= 0.2.1)
    addressable (2.3.2)
    builder (3.1.4)
    equivalent-xml (0.3.0)
      nokogiri (>= 1.4.3)
    gem_plugin (0.2.3)
    json (1.7.6)
    json_pure (1.7.6)
    net-http-persistent (2.8)
    nokogiri (1.5.6)
    rdf (0.3.11.1)
      addressable (>= 2.2.6)
    rdf-n3 (0.3.8)
      rdf (>= 0.3.11)
    rdf-rdfxml (0.3.9)
      rdf (>= 0.3.11)
      rdf-xsd (>= 0.3.8)
    rdf-xsd (0.3.8)
      rdf (>= 0.3.4)
    sparql (0.3.3)
      builder (>= 3.0.0)
      json (>= 1.5.1)
      rdf (>= 0.3.5)
      rdf-xsd (>= 0.3.5)
      sparql-client (>= 0.1.0)
      sxp (>= 0.0.14)
    sparql-client (0.3.3)
      json_pure (>= 1.4.6)
      net-http-persistent (>= 1.4.1)
      rdf (>= 0.3.5)
    sxp (0.1.0)
      json (>= 1.4.6)

PLATFORMS
  ruby

DEPENDENCIES
  activerdf
  equivalent-xml
  nokogiri
  rdf
  rdf-n3
  rdf-rdfxml
  sparql
  sparql-client
